GEM
  remote: https://rubygems.org/
  specs:
    coderay (1.1.3)
    concurrent-ruby (1.1.6)
    diff-lcs (1.4.2)
    hamster (3.0.0)
      concurrent-ruby (~> 1.0)
    htmlentities (4.3.4)
    json-canonicalization (0.2.0)
    json-ld (3.1.4)
      htmlentities (~> 4.3)
      json-canonicalization (~> 0.2)
      link_header (~> 0.0, >= 0.0.8)
      multi_json (~> 1.14)
      rack (~> 2.0)
      rdf (~> 3.1)
    link_header (0.0.8)
    method_source (1.0.0)
    multi_json (1.14.1)
    pry (0.13.1)
      coderay (~> 1.1)
      method_source (~> 1.0)
    rack (2.2.6.4)
    rdf (3.1.3)
      hamster (~> 3.0)
      link_header (~> 0.0, >= 0.0.8)
    rdf-vocab (3.1.5)
      rdf (~> 3.1, >= 3.1.2)
    rspec (3.9.0)
      rspec-core (~> 3.9.0)
      rspec-expectations (~> 3.9.0)
      rspec-mocks (~> 3.9.0)
    rspec-core (3.9.2)
      rspec-support (~> 3.9.3)
    rspec-expectations (3.9.2)
      diff-lcs (>= 1.2.0, < 2.0)
      rspec-support (~> 3.9.0)
    rspec-mocks (3.9.1)
      diff-lcs (>= 1.2.0, < 2.0)
      rspec-support (~> 3.9.0)
    rspec-support (3.9.3)
    thor (1.0.1)

PLATFORMS
  ruby

DEPENDENCIES
  json-ld
  pry
  rdf
  rdf-vocab
  rspec
  thor

BUNDLED WITH
   2.1.4
